PATH
  remote: .
  specs:
    enum_plus (0.3.4)

GEM
  remote: http://rubygems.org/
  specs:
    activesupport (3.2.11)
      i18n (~> 0.6)
      multi_json (~> 1.0)
    ansi (1.4.3)
    bourne (1.1.2)
      mocha (= 0.10.5)
    colorize (0.5.8)
    coveralls (0.5.5)
      colorize
      json
      rest-client
      simplecov (>= 0.7)
      thor
    i18n (0.6.1)
    json (1.7.6)
    metaclass (0.0.1)
    mime-types (1.19)
    minitest (4.4.0)
    mocha (0.10.5)
      metaclass (~> 0.0.1)
    multi_json (1.5.0)
    rake (10.0.3)
    rest-client (1.6.7)
      mime-types (>= 1.16)
    shoulda (3.3.2)
      shoulda-context (~> 1.0.1)
      shoulda-matchers (~> 1.4.1)
    shoulda-context (1.0.2)
    shoulda-matchers (1.4.2)
      activesupport (>= 3.0.0)
      bourne (~> 1.1.2)
    simplecov (0.7.1)
      multi_json (~> 1.0)
      simplecov-html (~> 0.7.1)
    simplecov-html (0.7.1)
    thor (0.16.0)
    turn (0.9.6)
      ansi

PLATFORMS
  ruby

DEPENDENCIES
  coveralls
  enum_plus!
  minitest (~> 4.4.0)
  rake (~> 10.0.3)
  shoulda (~> 3.3.2)
  turn (~> 0.9.3)
